GEM
  remote: https://rubygems.org/
  specs:
    coffee-script (2.2.0)
      coffee-script-source
      execjs
    coffee-script-source (1.6.3)
    execjs (1.4.0)
      multi_json (~> 1.0)
    ffi (1.9.0)
    guard (1.3.3)
      listen (>= 0.4.2)
      thor (>= 0.14.6)
    guard-coffeescript (1.3.3)
      coffee-script (>= 2.2.0)
      guard (>= 1.1.0)
    guard-haml (0.5)
      guard (>= 1.1)
      haml (>= 3.0)
    guard-uglify (0.1.0)
      guard (>= 0.2.2)
      uglifier
    haml (4.0.3)
      tilt
    listen (1.3.1)
      rb-fsevent (>= 0.9.3)
      rb-inotify (>= 0.9)
      rb-kqueue (>= 0.2)
    multi_json (1.8.0)
    rack (1.5.2)
    rack-livereload (0.3.15)
      rack
    rb-fsevent (0.9.3)
    rb-inotify (0.9.0)
      ffi (>= 0.5.0)
    rb-kqueue (0.2.0)
      ffi (>= 0.5.0)
    thor (0.18.1)
    tilt (1.4.1)
    uglifier (2.2.1)
      execjs (>= 0.3.0)
      multi_json (~> 1.0, >= 1.0.2)

PLATFORMS
  ruby

DEPENDENCIES
  guard
  guard-coffeescript
  guard-haml
  guard-uglify
  rack
  rack-livereload
